GEM
  remote: https://rubygems.org/
  specs:
    RubyInline (3.12.4)
      ZenTest (~> 4.3)
    ZenTest (4.11.2)
    cocoapods-keys (1.6.1)
      dotenv
      osx_keychain
    dotenv (2.7.2)
    osx_keychain (1.0.2)
      RubyInline (~> 3)

PLATFORMS
  ruby

DEPENDENCIES
  cocoapods-keys (= 1.6.1)

BUNDLED WITH
   1.16.1
